PATH
  remote: .
  specs:
    rack-heroku-no-such-app (0.0.1)
      rack (>= 1.2.0, < 3)

GEM
  remote: https://rubygems.org/
  specs:
    rack (2.0.4)
    rack-test (0.6.2)
      rack (>= 1.0)
    rake (0.9.6)

PLATFORMS
  ruby

DEPENDENCIES
  rack-heroku-no-such-app!
  rack-test (~> 0.6)
  rake (~> 0.9)
