PATH
  remote: .
  specs:
    rack-heroku-no-such-app (0.0.2)
      rack (>= 1.2.0, < 3)

GEM
  remote: https://rubygems.org/
  specs:
    rack (2.0.4)
    rack-test (0.8.3)
      rack (>= 1.0, < 3)
    rake (12.3.1)

PLATFORMS
  ruby

DEPENDENCIES
  rack-heroku-no-such-app!
  rack-test (~> 0.6)
  rake (~> 12.3)

BUNDLED WITH
   1.16.1
