PATH
  remote: .
  specs:
    rack-heroku-no-such-app (0.0.2)
      rack (>= 1.2.0, < 3)

GEM
  remote: https://rubygems.org/
  specs:
    rack (2.2.3)
    rack-test (1.1.0)
      rack (>= 1.0, < 3)
    rake (13.0.3)

PLATFORMS
  ruby

DEPENDENCIES
  rack-heroku-no-such-app!
  rack-test (~> 1.0)
  rake (~> 13.0)

BUNDLED WITH
   1.16.1
